PATH
  remote: .
  specs:
    faturando_api (0.1.2)
      activeresource

GEM
  remote: http://rubygems.org/
  specs:
    activemodel (3.0.5)
      activesupport (= 3.0.5)
      builder (~> 2.1.2)
      i18n (~> 0.4)
    activeresource (3.0.5)
      activemodel (= 3.0.5)
      activesupport (= 3.0.5)
    activesupport (3.0.5)
    builder (2.1.2)
    diff-lcs (1.1.2)
    factory_girl (2.0.4)
    faker (0.9.5)
      i18n (~> 0.4)
    fakeweb (1.3.0)
    i18n (0.6.0)
    rspec (2.6.0)
      rspec-core (~> 2.6.0)
      rspec-expectations (~> 2.6.0)
      rspec-mocks (~> 2.6.0)
    rspec-core (2.6.4)
    rspec-expectations (2.6.0)
      diff-lcs (~> 1.1.2)
    rspec-mocks (2.6.0)

PLATFORMS
  ruby

DEPENDENCIES
  activeresource (>= 2.3.4)
  factory_girl
  faker
  fakeweb
  faturando_api!
  rspec
